PATH
  remote: .
  specs:
    eikon (0.1.0)
      ruby-vips (~> 2.1)

GEM
  remote: https://rubygems.org/
  specs:
    byebug (11.1.3)
    coderay (1.1.3)
    ffi (1.15.4)
    method_source (1.0.0)
    minitest (5.14.4)
    pry (0.13.1)
      coderay (~> 1.1)
      method_source (~> 1.0)
    rake (12.3.3)
    ruby-vips (2.1.4)
      ffi (~> 1.12)
    ruby_jard (0.3.1)
      byebug (>= 9.1, < 12.0)
      pry (~> 0.13.0)
      tty-screen (~> 0.8.1)
    tty-screen (0.8.1)

PLATFORMS
  ruby

DEPENDENCIES
  byebug
  eikon!
  minitest (~> 5.0)
  rake (~> 12.0)
  ruby-vips
  ruby_jard

BUNDLED WITH
   2.1.4
