PATH
  remote: .
  specs:
    eikon (0.1.0)

GEM
  remote: https://rubygems.org/
  specs:
    byebug (11.1.3)
    ffi (1.15.4)
    hex_string (1.0.1)
    minitest (5.14.4)
    rake (12.3.3)
    ruby-vips (2.1.4)
      ffi (~> 1.12)

PLATFORMS
  ruby

DEPENDENCIES
  byebug
  eikon!
  hex_string
  minitest (~> 5.0)
  rake (~> 12.0)
  ruby-vips

BUNDLED WITH
   2.1.4
